PATH
  remote: .
  specs:
    terminal-share (1.0.0)

GEM
  remote: https://rubygems.org/
  specs:
    rake (13.0.3)

PLATFORMS
  ruby

DEPENDENCIES
  rake (~> 13.0.1)
  terminal-share!

BUNDLED WITH
   2.1.4
